GEM
  remote: https://rubygems.org/
  specs:
    racc (1.4.12)

PLATFORMS
  ruby

DEPENDENCIES
  racc

BUNDLED WITH
   1.10.5
