GEM
  remote: https://rubygems.org/
  specs:
    racc (1.4.12)

PLATFORMS
  ruby

DEPENDENCIES
  racc

RUBY VERSION
   ruby 2.1.0p0

BUNDLED WITH
   1.17.3
